GEM
  remote: https://rubygems.org/
  specs:
    capdrupal (0.9.6)
      capistrano (~> 2.13, >= 2.13.4)
      railsless-deploy (~> 1.1, >= 1.1.2)
    capistrano (2.15.5)
      highline
      net-scp (>= 1.0.0)
      net-sftp (>= 2.0.0)
      net-ssh (>= 2.0.14)
      net-ssh-gateway (>= 1.1.0)
    capistrano-multistage (0.0.4)
      capistrano (>= 2.12.0)
      rake
    highline (1.7.1)
    hologram (1.3.1)
      redcarpet (>= 2.2, < 4.0)
      rouge (>= 1.5)
    net-scp (1.2.1)
      net-ssh (>= 2.6.5)
    net-sftp (2.1.2)
      net-ssh (>= 2.6.5)
    net-ssh (2.9.2)
    net-ssh-gateway (1.2.0)
      net-ssh (>= 2.6.5)
    railsless-deploy (1.1.3)
    rake (10.4.2)
    redcarpet (3.2.2)
    rouge (1.8.0)
    sass (3.4.13)

PLATFORMS
  ruby

DEPENDENCIES
  capdrupal (~> 0.9)
  capistrano-multistage (~> 0.0.4)
  hologram (~> 1.2)
  sass (~> 3.4)
