GEM
  remote: https://rubygems.org/
  specs:
    capistrano (3.4.0)
      i18n
      rake (>= 10.0.0)
      sshkit (~> 1.3)
    capistrano-composer (0.0.6)
      capistrano (>= 3.0.0.pre)
    capistrano-drupal-deploy (0.0.2)
      capistrano (~> 3.2, >= 3.2.0)
      capistrano-composer (~> 0.0.6)
    colorize (0.7.7)
    hologram (1.4.0)
      redcarpet (>= 2.2, < 4.0)
      rouge (>= 1.5)
    i18n (0.7.0)
    net-scp (1.2.1)
      net-ssh (>= 2.6.5)
    net-ssh (2.9.2)
    rake (10.4.2)
    redcarpet (3.3.2)
    rouge (1.9.1)
    sass (3.4.18)
    sshkit (1.7.1)
      colorize (>= 0.7.0)
      net-scp (>= 1.1.2)
      net-ssh (>= 2.8.0)

PLATFORMS
  ruby

DEPENDENCIES
  capistrano-drupal-deploy (~> 0.0.2)
  hologram (~> 1.2)
  sass (~> 3.4)
